PATH
  remote: .
  specs:
    lowkiq (1.0.4)
      connection_pool (~> 2.2, >= 2.2.2)
      rack (>= 1.5.0)
      redis (>= 4.0.1, < 5)

GEM
  remote: https://rubygems.org/
  specs:
    connection_pool (2.2.3)
    diff-lcs (1.3)
    rack (2.2.2)
    rack-test (1.1.0)
      rack (>= 1.0, < 3)
    rake (12.3.3)
    redis (4.2.1)
    rspec (3.9.0)
      rspec-core (~> 3.9.0)
      rspec-expectations (~> 3.9.0)
      rspec-mocks (~> 3.9.0)
    rspec-core (3.9.1)
      rspec-support (~> 3.9.1)
    rspec-expectations (3.9.0)
      diff-lcs (>= 1.2.0, < 2.0)
      rspec-support (~> 3.9.0)
    rspec-mocks (3.9.1)
      diff-lcs (>= 1.2.0, < 2.0)
      rspec-support (~> 3.9.0)
    rspec-support (3.9.2)

PLATFORMS
  ruby

DEPENDENCIES
  bundler (~> 2.1.0)
  lowkiq!
  rack-test (~> 1.1)
  rake (~> 12.3.0)
  rspec (~> 3.0)
  rspec-mocks (~> 3.8)

BUNDLED WITH
   2.1.4
