PATH
  remote: .
  specs:
    lowkiq (1.0.0)
      connection_pool (~> 2.2, >= 2.2.2)
      rack (>= 1.5.0)
      redis (>= 4.0.1, < 5)

GEM
  remote: https://rubygems.org/
  specs:
    connection_pool (2.2.2)
    diff-lcs (1.3)
    rack (2.0.7)
    rack-test (1.1.0)
      rack (>= 1.0, < 3)
    rake (10.5.0)
    redis (4.1.3)
    rspec (3.8.0)
      rspec-core (~> 3.8.0)
      rspec-expectations (~> 3.8.0)
      rspec-mocks (~> 3.8.0)
    rspec-core (3.8.0)
      rspec-support (~> 3.8.0)
    rspec-expectations (3.8.1)
      diff-lcs (>= 1.2.0, < 2.0)
      rspec-support (~> 3.8.0)
    rspec-mocks (3.8.0)
      diff-lcs (>= 1.2.0, < 2.0)
      rspec-support (~> 3.8.0)
    rspec-support (3.8.0)

PLATFORMS
  ruby

DEPENDENCIES
  bundler (~> 1.16)
  lowkiq!
  rack-test (~> 1.1)
  rake (~> 10.0)
  rspec (~> 3.0)
  rspec-mocks (~> 3.8)

BUNDLED WITH
   1.16.4
