PATH
  remote: ../..
  specs:
    lowkiq (1.1.0)
      connection_pool (~> 2.2, >= 2.2.2)
      rack (>= 1.5.0)
      redis (>= 4.0.1, < 5)

GEM
  remote: https://rubygems.org/
  specs:
    connection_pool (2.2.5)
    rack (2.0.5)
    redis (4.5.1)
    webrick (1.7.0)

PLATFORMS
  ruby

DEPENDENCIES
  lowkiq!
  rack
  webrick (~> 1.7)

BUNDLED WITH
   2.2.22
